GEM
  remote: https://rubygems.org/
  specs:
    csv (2.7.3)
    pg (0.18.4)

PLATFORMS
  ruby

DEPENDENCIES
  csv
  pg

BUNDLED WITH
   1.10.6
